GEM
  remote: https://rubygems.org/
  specs:
    rack (1.6.12)
    rack-nocache (0.1.0)

PLATFORMS
  ruby

DEPENDENCIES
  rack (~> 1.6.12)
  rack-nocache (~> 0.1.0)
